PATH
  remote: .
  specs:
    handcar (0.0.5)
      erubis (~> 2.7)
      multi_json (~> 1.15)
      rack (~> 2.2.3)
      sqlite3 (~> 1.4.2)

GEM
  remote: https://rubygems.org/
  specs:
    docile (1.3.5)
    erubis (2.7.0)
    minitest (5.14.3)
    multi_json (1.15.0)
    rack (2.2.3)
    rack-test (1.1.0)
      rack (>= 1.0, < 3)
    rake (10.5.0)
    simplecov (0.21.2)
      docile (~> 1.1)
      simplecov-html (~> 0.11)
      simplecov_json_formatter (~> 0.1)
    simplecov-html (0.12.3)
    simplecov_json_formatter (0.1.2)
    sqlite3 (1.4.2)

PLATFORMS
  ruby

DEPENDENCIES
  bundler (~> 2.0)
  handcar!
  minitest (~> 5.0)
  rack-test (~> 1.1)
  rake (~> 10.0)
  simplecov (~> 0.21)

BUNDLED WITH
   2.0.1
